RESTRICTION: >= net461
NUGET
  remote: https://www.nuget.org/api/v2
    FAKE (4.63.2)
    FSharp.Compiler.Service (17.0.1)
      System.Collections.Immutable (>= 1.3.1)
      System.Reflection.Metadata (>= 1.4.2)
    FSharp.Core (4.2.3)
    Microsoft.NETCore.Platforms (2.0.1)
    NETStandard.Library (2.0.1)
      Microsoft.NETCore.Platforms (>= 1.1)
    Suave (2.2.1)
      FSharp.Core (>= 4.0.0.1) - restriction: && (>= net461) (< netstandard1.6)
      FSharp.Core (>= 4.1.17) - restriction: && (>= net461) (>= netstandard1.6)
      NETStandard.Library (>= 1.6.1) - restriction: && (>= net461) (>= netstandard1.6)
      System.Data.Common (>= 4.1) - restriction: && (>= net461) (>= netstandard1.6)
      System.Diagnostics.Process (>= 4.1) - restriction: && (>= net461) (>= netstandard1.6)
      System.Globalization.Extensions (>= 4.3) - restriction: && (>= net461) (>= netstandard1.6)
      System.Net.Security (>= 4.0) - restriction: && (>= net461) (>= netstandard1.6)
      System.Runtime.Serialization.Json (>= 4.0.2) - restriction: && (>= net461) (>= netstandard1.6)
      System.Security.Claims (>= 4.0.1) - restriction: && (>= net461) (>= netstandard1.6)
      System.Security.Cryptography.Primitives (>= 4.3) - restriction: && (>= net461) (>= netstandard1.6)
    System.Collections.Immutable (1.4)
      NETStandard.Library (>= 1.6.1) - restriction: && (>= net461) (< netstandard2.0)
    System.Data.Common (4.3) - restriction: && (>= net461) (>= netstandard1.6)
    System.Diagnostics.Process (4.3) - restriction: && (>= net461) (>= netstandard1.6)
    System.Globalization.Extensions (4.3) - restriction: && (>= net461) (>= netstandard1.6)
    System.IO (4.3) - restriction: || (&& (< net46) (>= net461) (>= netstandard1.6)) (&& (>= net461) (< netstandard1.3) (>= netstandard1.6)) (&& (>= net463) (>= netstandard1.6))
    System.Net.Security (4.3.2) - restriction: && (>= net461) (>= netstandard1.6)
      System.Security.Cryptography.X509Certificates (>= 4.3)
    System.Reflection.Metadata (1.5)
      NETStandard.Library (>= 1.6.1) - restriction: && (>= net461) (< netstandard2.0)
      System.Collections.Immutable (>= 1.4)
    System.Runtime (4.3) - restriction: || (&& (< net46) (>= net461) (>= netstandard1.6)) (&& (>= net461) (< netstandard1.3) (>= netstandard1.6)) (&& (>= net463) (>= netstandard1.6))
    System.Runtime.Serialization.Json (4.3) - restriction: && (>= net461) (>= netstandard1.6)
    System.Security.Claims (4.3) - restriction: && (>= net461) (>= netstandard1.6)
    System.Security.Cryptography.Algorithms (4.3.1) - restriction: && (>= net461) (>= netstandard1.6)
      System.IO (>= 4.3) - restriction: || (&& (< net46) (>= net461) (< netstandard1.4)) (&& (< net46) (>= net461) (>= netstandard1.6)) (&& (< net46) (>= net461) (< netstandard1.6)) (&& (>= net461) (< netstandard1.3)) (>= net463)
      System.Runtime (>= 4.3) - restriction: || (&& (< net46) (>= net461) (< netstandard1.4)) (&& (< net46) (>= net461) (>= netstandard1.6)) (&& (< net46) (>= net461) (< netstandard1.6)) (&& (>= net461) (< netstandard1.3)) (>= net463)
      System.Security.Cryptography.Encoding (>= 4.3) - restriction: || (&& (< net46) (>= net461) (>= netstandard1.6)) (&& (>= net461) (< netstandard1.3)) (>= net463)
      System.Security.Cryptography.Primitives (>= 4.3)
    System.Security.Cryptography.Encoding (4.3) - restriction: || (&& (>= net461) (>= netstandard1.6)) (&& (>= net463) (>= netstandard1.6))
    System.Security.Cryptography.Primitives (4.3) - restriction: && (>= net461) (>= netstandard1.6)
    System.Security.Cryptography.X509Certificates (4.3.2) - restriction: && (>= net461) (>= netstandard1.6)
      System.Security.Cryptography.Algorithms (>= 4.3)
      System.Security.Cryptography.Encoding (>= 4.3)
